GEM
  remote: https://rubygems.org/
  specs:
    job_spec (0.2.5)
      bundler
      thor
    thor (0.20.0)

PLATFORMS
  ruby

DEPENDENCIES
  job_spec

BUNDLED WITH
   1.16.0
